PATH
  remote: ../..
  specs:
    database_cleaner (1.8.0)

PATH
  remote: .
  specs:
    database_cleaner-active_record (1.8.0)
      activerecord
      database_cleaner (~> 1.8.0)

GEM
  remote: https://rubygems.org/
  specs:
    activemodel (5.2.4.1)
      activesupport (= 5.2.4.1)
    activerecord (5.2.4.1)
      activemodel (= 5.2.4.1)
      activesupport (= 5.2.4.1)
      arel (>= 9.0)
    activerecord-mysql2-adapter (0.0.3)
      mysql2
    activesupport (5.2.4.1)
      concurrent-ruby (~> 1.0, >= 1.0.2)
      i18n (>= 0.7, < 2)
      minitest (~> 5.1)
      tzinfo (~> 1.1)
    arel (9.0.0)
    concurrent-ruby (1.1.5)
    diff-lcs (1.3)
    i18n (1.5.1)
      concurrent-ruby (~> 1.0)
    minitest (5.14.0)
    mysql (2.9.1)
    mysql2 (0.3.18)
    pg (0.18.2)
    rake (10.4.2)
    rspec (3.7.0)
      rspec-core (~> 3.7.0)
      rspec-expectations (~> 3.7.0)
      rspec-mocks (~> 3.7.0)
    rspec-core (3.7.1)
      rspec-support (~> 3.7.0)
    rspec-expectations (3.7.0)
      diff-lcs (>= 1.2.0, < 2.0)
      rspec-support (~> 3.7.0)
    rspec-mocks (3.7.0)
      diff-lcs (>= 1.2.0, < 2.0)
      rspec-support (~> 3.7.0)
    rspec-support (3.7.1)
    sqlite3 (1.3.10)
    thread_safe (0.3.6)
    tzinfo (1.2.6)
      thread_safe (~> 0.1)

PLATFORMS
  ruby

DEPENDENCIES
  activerecord-mysql2-adapter
  bundler (~> 1.16)
  database_cleaner!
  database_cleaner-active_record!
  mysql (~> 2.9.1)
  mysql2
  pg
  rake (~> 10.0)
  rspec (~> 3.0)
  sqlite3

BUNDLED WITH
   1.17.3
